GEM
  remote: https://rubygems.org/
  specs:
    minitest (5.4.2)
    rake (10.1.0)

PLATFORMS
  ruby

DEPENDENCIES
  minitest
  rake
